PATH
  remote: .
  specs:
    rightchoice (0.0.1)
      redis
      redis-namespace
      sinatra

GEM
  remote: http://rubygems.org/
  specs:
    diff-lcs (1.1.3)
    guard (0.6.3)
      thor (~> 0.14.6)
    guard-rspec (0.4.3)
      guard (>= 0.4.0)
    rack (1.3.2)
    rack-test (0.6.1)
      rack (>= 1.0)
    redis (2.2.2)
    redis-namespace (1.1.0)
      redis (< 3.0.0)
    rspec (2.6.0)
      rspec-core (~> 2.6.0)
      rspec-expectations (~> 2.6.0)
      rspec-mocks (~> 2.6.0)
    rspec-core (2.6.4)
    rspec-expectations (2.6.0)
      diff-lcs (~> 1.1.2)
    rspec-mocks (2.6.0)
    sinatra (1.2.6)
      rack (~> 1.1)
      tilt (< 2.0, >= 1.2.2)
    thor (0.14.6)
    tilt (1.3.3)

PLATFORMS
  ruby

DEPENDENCIES
  bundler (~> 1.0)
  guard-rspec (~> 0.4)
  rack-test (~> 0.6)
  rightchoice!
  rspec (~> 2.6)
